GIT
  remote: https://github.com/makandra/rails
  revision: f03a092a5ec76c5762832b9bfef54d28a9f2afcf
  branch: 3-0-lts
  specs:
    actionmailer (3.0.20.8)
      actionpack (= 3.0.20.8)
      mail (~> 2.2.19)
    actionpack (3.0.20.8)
      activemodel (= 3.0.20.8)
      activesupport (= 3.0.20.8)
      builder (~> 2.1.2)
      erubis (~> 2.6.6)
      i18n (~> 0.5.0)
      rack (< 1.5)
      rack-mount (~> 0.6.14)
      rack-test (~> 0.5.7)
      tzinfo (~> 0.3.23)
    activemodel (3.0.20.8)
      activesupport (= 3.0.20.8)
      builder (~> 2.1.2)
      i18n (~> 0.5.0)
    activerecord (3.0.20.8)
      activemodel (= 3.0.20.8)
      activesupport (= 3.0.20.8)
      arel (~> 2.0.10)
      tzinfo (~> 0.3.23)
    activeresource (3.0.20.8)
      activemodel (= 3.0.20.8)
      activesupport (= 3.0.20.8)
    activesupport (3.0.20.8)
    rails (3.0.20.8)
      actionmailer (= 3.0.20.8)
      actionpack (= 3.0.20.8)
      activerecord (= 3.0.20.8)
      activeresource (= 3.0.20.8)
      activesupport (= 3.0.20.8)
      bundler (~> 1.0)
      railslts-version (= 3.0.20.8)
      railties (= 3.0.20.8)
    railslts-version (3.0.20.8)
    railties (3.0.20.8)
      actionpack (= 3.0.20.8)
      activesupport (= 3.0.20.8)
      rake (>= 0.8.7)
      rdoc (~> 3.4)
      thor (~> 0.14.4)

GEM
  remote: https://rubygems.org/
  specs:
    abstract (1.0.0)
    annotate (2.6.7)
      activerecord (>= 2.3.0)
      rake (~> 10.4.2, >= 10.4.2)
    arel (2.0.10)
    ast (2.4.0)
    builder (2.1.2)
    childprocess (0.9.0)
      ffi (~> 1.0, >= 1.0.11)
    diff-lcs (1.3)
    erubis (2.6.6)
      abstract (>= 1.0.0)
    factory_bot (4.11.1)
      activesupport (>= 3.0.0)
    factory_bot_rails (4.11.1)
      factory_bot (~> 4.11.1)
      railties (>= 3.0.0)
    faker (1.8.4)
      i18n (~> 0.5)
    ffi (1.11.1)
    gravatar_image_tag (1.2.0)
    i18n (0.5.4)
    iniparse (1.4.4)
    jaro_winkler (1.5.2)
    json (1.8.6)
    mail (2.2.20)
      activesupport (>= 2.3.6)
      i18n (>= 0.4.0)
      mime-types (~> 1.16)
      treetop (~> 1.4.8)
    mime-types (1.25.1)
    mini_portile2 (2.4.0)
    nokogiri (1.10.3)
      mini_portile2 (~> 2.4.0)
    overcommit (0.47.0)
      childprocess (~> 0.6, >= 0.6.3)
      iniparse (~> 1.4)
    parallel (1.17.0)
    parser (2.6.3.0)
      ast (~> 2.4.0)
    pg (1.1.4)
    polyglot (0.3.5)
    power_assert (1.1.4)
    powerpack (0.1.2)
    rack (1.4.7)
    rack-mount (0.6.14)
      rack (>= 1.0.0)
    rack-test (0.5.7)
      rack (>= 1.0)
    rainbow (3.0.0)
    rake (10.4.2)
    rdoc (3.12.2)
      json (~> 1.4)
    rspec (2.99.0)
      rspec-core (~> 2.99.0)
      rspec-expectations (~> 2.99.0)
      rspec-mocks (~> 2.99.0)
    rspec-collection_matchers (1.1.3)
      rspec-expectations (>= 2.99.0.beta1)
    rspec-core (2.99.2)
    rspec-expectations (2.99.2)
      diff-lcs (>= 1.1.3, < 2.0)
    rspec-mocks (2.99.4)
    rspec-rails (2.99.0)
      actionpack (>= 3.0)
      activemodel (>= 3.0)
      activesupport (>= 3.0)
      railties (>= 3.0)
      rspec-collection_matchers
      rspec-core (~> 2.99.0)
      rspec-expectations (~> 2.99.0)
      rspec-mocks (~> 2.99.0)
    rubocop (0.64.0)
      jaro_winkler (~> 1.5.1)
      parallel (~> 1.10)
      parser (>= 2.5, != 2.5.1.1)
      powerpack (~> 0.1)
      rainbow (>= 2.2.2, < 4.0)
      ruby-progressbar (~> 1.7)
      unicode-display_width (~> 1.4.0)
    rubocop-rspec (1.33.0)
      rubocop (>= 0.60.0)
    ruby-progressbar (1.10.0)
    spork (0.9.2)
    sqlite3 (1.3.13)
    test-unit (3.3.3)
      power_assert
    thor (0.14.6)
    treetop (1.4.15)
      polyglot
      polyglot (>= 0.3.1)
    tzinfo (0.3.55)
    unicode-display_width (1.4.1)
    webrat (0.7.3)
      nokogiri (>= 1.2.0)
      rack (>= 1.0)
      rack-test (>= 0.5.3)
    will_paginate (3.1.7)

PLATFORMS
  ruby

DEPENDENCIES
  annotate
  factory_bot_rails
  faker
  gravatar_image_tag
  overcommit
  pg
  rails!
  rspec
  rspec-rails (= 2.99.0)
  rubocop (= 0.64.0)
  rubocop-rspec
  spork
  sqlite3 (= 1.3.13)
  test-unit
  webrat
  will_paginate

BUNDLED WITH
   1.17.3
